GEM
  remote: https://rubygems.org/
  specs:
    builder (3.2.0)
    childprocess (0.3.9)
      ffi (~> 1.0, >= 1.0.11)
    chunky_png (1.2.8)
    cucumber (1.2.4)
      builder (>= 2.1.2)
      diff-lcs (>= 1.1.3)
      gherkin (~> 2.11.7)
      multi_json (~> 1.3)
    data_magic (0.14)
      faker (>= 1.1.2)
      yml_reader (>= 0.2)
    diff-lcs (1.2.2)
    faker (1.1.2)
      i18n (~> 0.5)
    ffi (1.6.0)
    ffi (1.6.0-x86-mingw32)
    gherkin (2.11.7)
      multi_json (~> 1.3)
    gherkin (2.11.7-x86-mingw32)
      multi_json (~> 1.3)
    i18n (0.6.4)
    multi_json (1.7.2)
    net-http-persistent (2.8)
    page-object (0.8.8)
      page_navigation (>= 0.7)
      selenium-webdriver (>= 2.31.0)
      watir-webdriver (>= 0.6.2)
    page_navigation (0.7)
      data_magic (>= 0.14)
    parallel (0.6.4)
    parallel_tests (0.10.4)
      parallel
    rake (10.0.4)
    rspec-expectations (2.13.0)
      diff-lcs (>= 1.1.3, < 2.0)
    rubyzip (0.9.9)
    selenium-webdriver (2.31.0)
      childprocess (>= 0.2.5)
      multi_json (~> 1.0)
      rubyzip
      websocket (~> 1.0.4)
    syntax (1.0.0)
    watir-webdriver (0.6.2)
      selenium-webdriver (>= 2.18.0)
    websocket (1.0.7)
    yml_reader (0.2)

PLATFORMS
  ruby
  x86-mingw32

DEPENDENCIES
  chunky_png
  cucumber
  net-http-persistent
  page-object
  parallel_tests
  rake
  rspec-expectations
  syntax
