GEM
  remote: http://rubygems.org/
  specs:
    builder (3.1.4)
    childprocess (0.3.7)
      ffi (~> 1.0, >= 1.0.6)
    chunky_png (1.2.7)
    cucumber (1.2.1)
      builder (>= 2.1.2)
      diff-lcs (>= 1.1.3)
      gherkin (~> 2.11.0)
      json (>= 1.4.6)
    diff-lcs (1.1.3)
    ffi (1.3.1)
    ffi (1.3.1-x86-mingw32)
    gherkin (2.11.5)
      json (>= 1.4.6)
    gherkin (2.11.5-x86-mingw32)
      json (>= 1.4.6)
    json (1.7.6)
    multi_json (1.5.0)
    net-http-persistent (2.8)
    page-object (0.8.3)
      selenium-webdriver (>= 2.29.0)
      watir-webdriver (>= 0.6.2)
    parallel (0.6.1)
    parallel_tests (0.9.3)
      parallel
    rake (10.0.3)
    rspec-expectations (2.12.1)
      diff-lcs (~> 1.1.3)
    rubyzip (0.9.9)
    selenium-webdriver (2.29.0)
      childprocess (>= 0.2.5)
      multi_json (~> 1.0)
      rubyzip
      websocket (~> 1.0.4)
    syntax (1.0.0)
    watir-webdriver (0.6.2)
      selenium-webdriver (>= 2.18.0)
    websocket (1.0.6)

PLATFORMS
  ruby
  x86-mingw32

DEPENDENCIES
  chunky_png
  cucumber
  net-http-persistent
  page-object
  parallel_tests
  rake
  rspec-expectations
  syntax
