GEM
  remote: http://rubygems.org/
  specs:
    addressable (2.3.2)
    childprocess (0.3.4)
      ffi (~> 1.0, >= 1.0.6)
    diff-lcs (1.1.3)
    ffi (1.1.4)
    ffi (1.1.4-x86-mingw32)
    json (1.7.4)
    libwebsocket (0.1.5)
      addressable
    multi_json (1.3.6)
    page-object (0.7.2)
      selenium-webdriver (>= 2.25.0)
      watir-webdriver (>= 0.6.1)
    rake (0.9.2.2)
    require_all (1.2.1)
    rspec (2.11.0)
      rspec-core (~> 2.11.0)
      rspec-expectations (~> 2.11.0)
      rspec-mocks (~> 2.11.0)
    rspec-core (2.11.1)
    rspec-expectations (2.11.2)
      diff-lcs (~> 1.1.3)
    rspec-extra-formatters (0.4)
    rspec-mocks (2.11.1)
    rubyzip (0.9.9)
    selenium-webdriver (2.25.0)
      childprocess (>= 0.2.5)
      libwebsocket (~> 0.1.3)
      multi_json (~> 1.0)
      rubyzip
    watir-webdriver (0.6.1)
      selenium-webdriver (>= 2.18.0)

PLATFORMS
  ruby
  x86-mingw32

DEPENDENCIES
  json
  page-object
  rake
  require_all
  rspec
  rspec-extra-formatters
